GEM
  remote: http://rubygems.org/
  specs:
    activemodel (3.0.7)
      activesupport (= 3.0.7)
      builder (~> 2.1.2)
      i18n (~> 0.5.0)
    activesupport (3.0.7)
    addressable (2.2.6)
    bson (1.3.1)
    bson_ext (1.3.1)
    builder (2.1.2)
    faraday (0.6.1)
      addressable (~> 2.2.4)
      multipart-post (~> 1.1.0)
      rack (>= 1.1.0, < 2)
    faraday_middleware (0.6.3)
      faraday (~> 0.6.0)
    haml (3.1.1)
    hashie (1.0.0)
    i18n (0.5.0)
    mongo (1.3.1)
      bson (>= 1.3.1)
    mongoid (2.0.2)
      activemodel (~> 3.0)
      mongo (~> 1.3)
      tzinfo (~> 0.3.22)
    multi_json (1.0.3)
    multi_xml (0.2.2)
    multipart-post (1.1.2)
    rack (1.3.0)
    rash (0.3.0)
      hashie (~> 1.0.0)
    shotgun (0.9)
      rack (>= 1.0)
    simple_oauth (0.1.5)
    sinatra (1.2.6)
      rack (~> 1.1)
      tilt (>= 1.2.2, < 2.0)
    tilt (1.3.2)
    twitter (1.5.0)
      faraday (~> 0.6.1)
      faraday_middleware (~> 0.6.3)
      hashie (~> 1.0.0)
      multi_json (~> 1.0.0)
      multi_xml (~> 0.2.0)
      rash (~> 0.3.0)
      simple_oauth (~> 0.1.5)
    tzinfo (0.3.27)
    yajl-ruby (0.8.2)

PLATFORMS
  ruby

DEPENDENCIES
  bson_ext
  haml
  mongoid
  shotgun
  sinatra
  twitter
  yajl-ruby
