GEM
  remote: http://rubygems.org/
  specs:
    activemodel (3.0.5)
      activesupport (= 3.0.5)
      builder (~> 2.1.2)
      i18n (~> 0.4)
    activesupport (3.0.5)
    addressable (2.2.4)
    bson (1.2.4)
    bson_ext (1.2.4)
    builder (2.1.2)
    faraday (0.5.7)
      addressable (~> 2.2.4)
      multipart-post (~> 1.1.0)
      rack (< 2, >= 1.1.0)
    faraday_middleware (0.3.2)
      faraday (~> 0.5.4)
    haml (3.0.25)
    hashie (1.0.0)
    i18n (0.5.0)
    mongo (1.2.4)
      bson (>= 1.2.4)
    mongoid (2.0.0.rc.7)
      activemodel (~> 3.0)
      mongo (~> 1.2)
      tzinfo (~> 0.3.22)
      will_paginate (~> 3.0.pre)
    multi_json (0.0.5)
    multi_xml (0.2.1)
    multipart-post (1.1.0)
    rack (1.2.2)
    shotgun (0.9)
      rack (>= 1.0)
    simple_oauth (0.1.4)
    sinatra (1.2.0)
      rack (~> 1.1)
      tilt (< 2.0, >= 1.2.2)
    tilt (1.2.2)
    twitter (1.1.2)
      faraday (~> 0.5.4)
      faraday_middleware (~> 0.3.1)
      hashie (~> 1.0.0)
      multi_json (~> 0.0.5)
      multi_xml (~> 0.2.0)
      simple_oauth (~> 0.1.3)
    tzinfo (0.3.25)
    will_paginate (3.0.pre2)
    yajl-ruby (0.8.1)

PLATFORMS
  ruby

DEPENDENCIES
  bson_ext
  haml
  mongoid
  shotgun
  sinatra
  twitter
  yajl-ruby
